GIT
  remote: git://github.com/hone/indextank-rb.git
  revision: 61c217938b9c96f69ba0d992f80421aa0f4d5383
  ref: 61c217938b9c96f69ba0
  specs:
    indextank (0.0.1)
      faraday
      yajl-ruby (= 0.7.7)

GIT
  remote: git://github.com/technoweenie/faraday
  revision: 3aa840d
  ref: 3aa840d012875ee80410
  specs:
    faraday (0.4.6)
      addressable (>= 2.1.1)
      rack (>= 1.0.1)

GEM
  remote: http://rubygems.org/
  specs:
    addressable (2.2.0)
    coderay (0.9.3)
    daemons (1.1.0)
    eventmachine (0.12.10)
    haml (2.2.17)
    heroku-nav (0.1.17)
      json
      rest-client (>= 1.0)
    json (1.4.6)
    mime-types (1.16)
    newrelic_rpm (2.12.3)
    nokogiri (1.4.3.1)
    nokogirl (1.0)
      nokogiri
    rack (1.2.1)
    rack-codehighlighter (0.4.6)
      nokogiri (>= 1.4.1)
      rack (>= 1.0.0)
    rake (0.8.7)
    rdiscount (1.3.5)
    rest-client (1.2.0)
      mime-types (>= 1.16)
    sinatra (0.9.4)
      rack (>= 0.9.1)
    thin (1.2.7)
      daemons (>= 1.0.9)
      eventmachine (>= 0.12.6)
      rack (>= 1.0.0)
    yajl-ruby (0.7.7)

PLATFORMS
  ruby

DEPENDENCIES
  coderay
  faraday!
  haml (= 2.2.17)
  heroku-nav (~> 0)
  indextank!
  json
  newrelic_rpm
  nokogirl
  rack (= 1.2.1)
  rack-codehighlighter
  rake
  rdiscount (= 1.3.5)
  rest-client (= 1.2.0)
  sinatra (= 0.9.4)
  thin
